GEM
  remote: https://rubygems.org/
  specs:
    activemodel (6.1.7.1)
      activesupport (= 6.1.7.1)
    activerecord (6.1.7.1)
      activemodel (= 6.1.7.1)
      activesupport (= 6.1.7.1)
    activesupport (6.1.7.1)
      concurrent-ruby (~> 1.0, >= 1.0.2)
      i18n (>= 1.6, < 2)
      minitest (>= 5.1)
      tzinfo (~> 2.0)
      zeitwerk (~> 2.3)
    backports (3.3.5)
    commander (4.1.5)
      highline (~> 1.6.11)
    concurrent-ruby (1.1.10)
    dubai (0.0.5)
      commander (~> 4.1)
      json
      rubyzip
      sinatra (~> 1.3)
      terminal-table (~> 1.4)
    highline (1.6.19)
    i18n (1.12.0)
      concurrent-ruby (~> 1.0)
    json (1.8.0)
    metaclass (0.0.4)
    minitest (5.17.0)
    mocha (0.14.0)
      metaclass (~> 0.0.1)
    mojo_magick (0.4.3)
    multi_json (1.8.2)
    mysql2 (0.3.13)
    qr4r (0.3.5)
      mojo_magick
      rqrcode
    rack (1.5.2)
    rack-protection (1.5.0)
      rack
    rack-test (0.6.2)
      rack (>= 1.0)
    rqrcode (0.4.2)
    rubyzip (1.0.0)
    sinatra (1.4.3)
      rack (~> 1.4)
      rack-protection (~> 1.4)
      tilt (~> 1.3, >= 1.3.4)
    sinatra-contrib (1.4.1)
      backports (>= 2.0)
      multi_json
      rack-protection
      rack-test
      sinatra (~> 1.4.0)
      tilt (~> 1.3)
    terminal-table (1.4.5)
    tilt (1.4.1)
    tzinfo (2.0.5)
      concurrent-ruby (~> 1.0)
    zeitwerk (2.6.6)

PLATFORMS
  ruby

DEPENDENCIES
  activerecord
  dubai
  mocha (~> 0.14.0)
  multi_json
  mysql2
  qr4r
  rack-test (~> 0.6.1)
  sinatra
  sinatra-contrib
